GEM
  remote: https://rubygems.org/
  specs:
    airbrussh (1.1.2)
      sshkit (>= 1.6.1, != 1.7.0)
    capistrano (3.7.2)
      airbrussh (>= 1.0.0)
      capistrano-harrow
      i18n
      rake (>= 10.0.0)
      sshkit (>= 1.9.0)
    capistrano-bower (1.1.0)
      capistrano (~> 3.0)
    capistrano-composer (0.0.6)
      capistrano (>= 3.0.0.pre)
    capistrano-file-permissions (0.1.1)
      capistrano (~> 3.1)
    capistrano-gulp (0.0.2)
      capistrano (~> 3.0)
    capistrano-harrow (0.5.3)
    capistrano-maintenance (0.0.4)
      capistrano (>= 2.0.0)
    capistrano-npm (1.0.2)
      capistrano (>= 3.0.0)
    capistrano-symfony (0.4.0)
      capistrano (~> 3.1)
      capistrano-composer (~> 0.0.3)
      capistrano-file-permissions (~> 0.1.0)
    capistrano-touch-linked-files (0.3.0)
      capistrano (>= 3.0)
    i18n (0.8.0)
    net-scp (1.2.1)
      net-ssh (>= 2.6.5)
    net-ssh (4.1.0)
    rake (12.0.0)
    sshkit (1.12.0)
      net-scp (>= 1.1.2)
      net-ssh (>= 2.8.0)

PLATFORMS
  ruby

DEPENDENCIES
  capistrano (~> 3.7.1)
  capistrano-bower (~> 1.1.0)
  capistrano-composer (~> 0.0.6)
  capistrano-file-permissions (~> 0.1.1)
  capistrano-gulp (~> 0.0.1)
  capistrano-maintenance (~> 0.0.3)
  capistrano-npm (~> 1.0.1)
  capistrano-symfony (~> 0.4.0)
  capistrano-touch-linked-files (~> 0.3.0)

BUNDLED WITH
   1.14.4
